GEM
  remote: https://rubygems.org/
  specs:
    jrubyfx (1.2.0-java)
      jrubyfx-fxmlloader (>= 0.4)
    jrubyfx-fxmlloader (0.4.1-java)

PLATFORMS
  java

DEPENDENCIES
  jrubyfx

BUNDLED WITH
   1.15.4
